GEM
  remote: https://rubygems.org/
  specs:
    coinbase (4.1.0)
    diff-lcs (1.3)
    dotenv (2.2.1)
    rspec (3.7.0)
      rspec-core (~> 3.7.0)
      rspec-expectations (~> 3.7.0)
      rspec-mocks (~> 3.7.0)
    rspec-core (3.7.1)
      rspec-support (~> 3.7.0)
    rspec-expectations (3.7.0)
      diff-lcs (>= 1.2.0, < 2.0)
      rspec-support (~> 3.7.0)
    rspec-mocks (3.7.0)
      diff-lcs (>= 1.2.0, < 2.0)
      rspec-support (~> 3.7.0)
    rspec-support (3.7.1)
    vcr (4.0.0)

PLATFORMS
  ruby

DEPENDENCIES
  coinbase
  dotenv (~> 2.2)
  rspec (~> 3.7)
  vcr (~> 4.0)

BUNDLED WITH
   1.16.0
